PATH
  remote: .
  specs:
    version_sorter (2.2.1)

GEM
  remote: https://rubygems.org/
  specs:
    rake (10.4.2)
    test-unit (2.0.9)

PLATFORMS
  ruby

DEPENDENCIES
  rake
  test-unit (~> 2.0.4)
  version_sorter!

BUNDLED WITH
   1.16.1
